PATH
  remote: .
  specs:
    mongoid_slug (0.5.0)
      mongoid (~> 2.0.0.beta.20)
      stringex (~> 1.2.0)

GEM
  remote: http://gemcutter.org/
  specs:
    activemodel (3.0.3)
      activesupport (= 3.0.3)
      builder (~> 2.1.2)
      i18n (~> 0.4)
    activesupport (3.0.3)
    bson (1.1.5)
    bson_ext (1.1.5)
    builder (2.1.2)
    database_cleaner (0.6.0)
    diff-lcs (1.1.2)
    i18n (0.5.0)
    mongo (1.1.5)
      bson (>= 1.1.5)
    mongoid (2.0.0.beta.20)
      activemodel (~> 3.0)
      mongo (~> 1.1)
      tzinfo (~> 0.3.22)
      will_paginate (~> 3.0.pre)
    rspec (2.3.0)
      rspec-core (~> 2.3.0)
      rspec-expectations (~> 2.3.0)
      rspec-mocks (~> 2.3.0)
    rspec-core (2.3.1)
    rspec-expectations (2.3.0)
      diff-lcs (~> 1.1.2)
    rspec-mocks (2.3.0)
    stringex (1.2.0)
    tzinfo (0.3.23)
    will_paginate (3.0.pre2)

PLATFORMS
  ruby

DEPENDENCIES
  bson_ext (~> 1.1.5)
  database_cleaner (~> 0.6.0)
  mongoid (~> 2.0.0.beta.20)
  mongoid_slug!
  rspec (~> 2.3.0)
  stringex (~> 1.2.0)
